PATH
  remote: .
  specs:
    datascope (0.0.1)
      haml
      pg
      puma
      rack-coffee
      sequel
      sequel_pg
      sinatra

GEM
  remote: https://rubygems.org/
  specs:
    coffee-script (2.2.0)
      coffee-script-source
      execjs
    coffee-script-source (1.7.0)
    execjs (2.0.2)
    haml (4.0.5)
      tilt
    pg (0.17.1)
    puma (2.8.1)
      rack (>= 1.1, < 2.0)
    rack (1.5.2)
    rack-coffee (1.0.2)
      coffee-script
      rack
    rack-protection (1.5.2)
      rack
    sequel (4.8.0)
    sequel_pg (1.6.9)
      pg (>= 0.8.0)
      sequel (>= 3.39.0)
    sinatra (1.4.4)
      rack (~> 1.4)
      rack-protection (~> 1.4)
      tilt (~> 1.3, >= 1.3.4)
    tilt (1.4.1)

PLATFORMS
  ruby

DEPENDENCIES
  datascope!
